GEM
  remote: https://rubygems.org/
  specs:
    Ascii85 (1.1.0)
    afm (0.2.2)
    diff-lcs (1.5.0)
    hashery (2.1.2)
    language_server-protocol (3.16.0.3)
    pdf-reader (2.10.0)
      Ascii85 (~> 1.0)
      afm (~> 0.2.1)
      hashery (~> 2.0)
      ruby-rc4
      ttfunk
    prettier_print (0.1.0)
    rspec (3.11.0)
      rspec-core (~> 3.11.0)
      rspec-expectations (~> 3.11.0)
      rspec-mocks (~> 3.11.0)
    rspec-core (3.11.0)
      rspec-support (~> 3.11.0)
    rspec-expectations (3.11.0)
      diff-lcs (>= 1.2.0, < 2.0)
      rspec-support (~> 3.11.0)
    rspec-mocks (3.11.1)
      diff-lcs (>= 1.2.0, < 2.0)
      rspec-support (~> 3.11.0)
    rspec-support (3.11.0)
    ruby-lsp (0.2.3)
      language_server-protocol
      sorbet-runtime
      syntax_tree (>= 2.4)
    ruby-rc4 (0.1.5)
    sorbet-runtime (0.5.10354)
    syntax_tree (3.4.0)
      prettier_print
    ttfunk (1.7.0)

PLATFORMS
  x86_64-linux

DEPENDENCIES
  pdf-reader (~> 2.10)
  rspec (~> 3.11)
  ruby-lsp (~> 0.2.3)

BUNDLED WITH
   2.3.20
